GEM
  remote: https://rubygems.org/
  specs:
    connection_pool (2.5.0)
    diff-lcs (1.6.0)
    rack (3.1.10)
    rackup (2.2.1)
      rack (>= 3)
    rake (13.2.1)
    redis (5.3.0)
      redis-client (>= 0.22.0)
    redis-client (0.23.2)
      connection_pool
    roda (3.89.0)
      rack
    rspec (3.13.0)
      rspec-core (~> 3.13.0)
      rspec-expectations (~> 3.13.0)
      rspec-mocks (~> 3.13.0)
    rspec-core (3.13.3)
      rspec-support (~> 3.13.0)
    rspec-expectations (3.13.3)
      diff-lcs (>= 1.2.0, < 2.0)
      rspec-support (~> 3.13.0)
    rspec-mocks (3.13.2)
      diff-lcs (>= 1.2.0, < 2.0)
      rspec-support (~> 3.13.0)
    rspec-support (3.13.2)
    thor (1.3.2)
    webrick (1.9.1)

PLATFORMS
  ruby
  x86_64-linux-musl

DEPENDENCIES
  rack
  rackup (~> 2.2)
  rake
  redis (~> 5.3)
  roda
  rspec
  thor (~> 1.3)
  webrick (~> 1.9)

RUBY VERSION
   ruby 3.4.1p0

BUNDLED WITH
   2.6.2
