GEM
  remote: https://rubygems.org/
  specs:
    diff-lcs (1.6.0)
    rack (3.1.10)
    rackup (2.2.1)
      rack (>= 3)
    rake (13.2.1)
    roda (3.89.0)
      rack
    rspec (3.13.0)
      rspec-core (~> 3.13.0)
      rspec-expectations (~> 3.13.0)
      rspec-mocks (~> 3.13.0)
    rspec-core (3.13.3)
      rspec-support (~> 3.13.0)
    rspec-expectations (3.13.3)
      diff-lcs (>= 1.2.0, < 2.0)
      rspec-support (~> 3.13.0)
    rspec-mocks (3.13.2)
      diff-lcs (>= 1.2.0, < 2.0)
      rspec-support (~> 3.13.0)
    rspec-support (3.13.2)
    webrick (1.9.1)

PLATFORMS
  ruby
  x86_64-linux-musl

DEPENDENCIES
  rack
  rackup (~> 2.2)
  rake
  roda
  rspec
  webrick (~> 1.9)

BUNDLED WITH
   2.6.2
